GEM
  remote: https://rubygems.org/
  specs:
    addressable (2.3.6)
    citrus (3.0.2)
    coderay (1.1.0)
    colorize (0.7.5)
    diff-lcs (1.2.5)
    docile (1.1.5)
    docker-api (1.20.0)
      excon (>= 0.38.0)
      json
    excon (0.44.4)
    json (1.8.2)
    method_source (0.8.2)
    minigit (0.0.4)
    multi_json (1.11.0)
    pry (0.10.1)
      coderay (~> 1.1.0)
      method_source (~> 0.8.1)
      slop (~> 3.4)
    rspec (3.1.0)
      rspec-core (~> 3.1.0)
      rspec-expectations (~> 3.1.0)
      rspec-mocks (~> 3.1.0)
    rspec-core (3.1.7)
      rspec-support (~> 3.1.0)
    rspec-expectations (3.1.2)
      diff-lcs (>= 1.2.0, < 2.0)
      rspec-support (~> 3.1.0)
    rspec-mocks (3.1.3)
      rspec-support (~> 3.1.0)
    rspec-support (3.1.2)
    simplecov (0.9.2)
      docile (~> 1.1.0)
      multi_json (~> 1.0)
      simplecov-html (~> 0.9.0)
    simplecov-html (0.9.0)
    slop (3.6.0)
    toml-rb (0.3.0)
      citrus (~> 3.0, > 3.0)

PLATFORMS
  ruby

DEPENDENCIES
  addressable
  colorize
  docker-api
  minigit
  pry
  rspec
  simplecov
  toml-rb
